GEM
  remote: https://rubygems.org/
  specs:
    base64 (0.3.0)
    better_errors (2.10.1)
      erubi (>= 1.0.0)
      rack (>= 0.9.0)
      rouge (>= 1.0.0)
    bigdecimal (3.2.2)
    daemons (1.4.1)
    erubi (1.13.1)
    eventmachine (1.2.7)
    haml (6.3.0)
      temple (>= 0.8.2)
      thor
      tilt
    logger (1.7.0)
    mustermann (2.0.2)
      ruby2_keywords (~> 0.0.1)
    r18n-core (5.0.1)
    rack (2.2.17)
    rack-protection (2.2.4)
      rack
    rouge (4.6.0)
    ruby2_keywords (0.0.5)
    sinatra (2.2.4)
      mustermann (~> 2.0)
      rack (~> 2.2)
      rack-protection (= 2.2.4)
      tilt (~> 2.0)
    sinatra-r18n (5.0.2)
      r18n-core (~> 5.0)
      sinatra (>= 1.3, < 3)
    temple (0.10.4)
    thin (2.0.1)
      daemons (~> 1.0, >= 1.0.9)
      eventmachine (~> 1.0, >= 1.0.4)
      logger
      rack (>= 1, < 4)
    thor (1.4.0)
    tilt (2.6.1)

PLATFORMS
  ruby
  x86_64-linux

DEPENDENCIES
  base64
  better_errors
  bigdecimal
  haml
  sinatra (~> 2.2.4)
  sinatra-r18n
  thin

RUBY VERSION
   ruby 3.4.5p51

BUNDLED WITH
   2.6.9
